GEM
  remote: https://rubygems.org/
  specs:
    addressable (2.3.6)
    domain_name (0.5.24)
      unf (>= 0.0.5, < 1.0.0)
    http-cookie (1.0.2)
      domain_name (~> 0.5)
    launchy (2.4.2)
      addressable (~> 2.3)
    mime-types (2.6.2)
    mini_portile (0.5.2)
    netrc (0.10.3)
    nokogiri (1.6.1)
      mini_portile (~> 0.5.0)
    rest-client (1.8.0)
      http-cookie (>= 1.0.2, < 2.0)
      mime-types (>= 1.16, < 3.0)
      netrc (~> 0.7)
    slim (2.0.2)
      temple (~> 0.6.6)
      tilt (>= 1.3.3, < 2.1)
    temple (0.6.7)
    tilt (2.0.1)
    unf (0.1.4)
      unf_ext
    unf_ext (0.0.7.1)

PLATFORMS
  ruby

DEPENDENCIES
  launchy (~> 2.4.2)
  nokogiri (~> 1.6.1)
  rest-client
  slim (~> 2.0.2)
