GEM
  remote: https://rubygems.org/
  specs:
    addressable (2.3.6)
    launchy (2.4.2)
      addressable (~> 2.3)
    mini_portile (0.5.2)
    nokogiri (1.6.1)
      mini_portile (~> 0.5.0)
    slim (2.0.2)
      temple (~> 0.6.6)
      tilt (>= 1.3.3, < 2.1)
    temple (0.6.7)
    tilt (2.0.1)

PLATFORMS
  ruby

DEPENDENCIES
  launchy (~> 2.4.2)
  nokogiri (~> 1.6.1)
  slim (~> 2.0.2)
